PATH
  remote: .
  specs:
    uxb (0.1.0)

GEM
  remote: https://rubygems.org/
  specs:
    minitest (5.8.5)
    rake (10.4.2)

PLATFORMS
  x64-mingw32

DEPENDENCIES
  bundler (~> 1.15)
  minitest (~> 5.0)
  rake (~> 10.0)
  uxb!

BUNDLED WITH
   1.15.0
